GEM
  remote: http://rubygems.org/
  specs:
    faraday (0.8.7)
      multipart-post (~> 1.1)
    faraday_middleware (0.9.0)
      faraday (>= 0.7.4, < 0.9)
    json (1.8.0)
    multi_json (1.7.6)
    multipart-post (1.2.0)
    oauth (0.4.7)
    simple_oauth (0.2.0)
    tumblr_client (0.7.3)
      faraday (>= 0.8)
      faraday_middleware (>= 0.8)
      json
      oauth
    twitter (4.7.0)
      faraday (~> 0.8, < 0.10)
      multi_json (~> 1.0)
      simple_oauth (~> 0.2)

PLATFORMS
  ruby

DEPENDENCIES
  oauth
  tumblr_client
  twitter
